{
  "Modality": "MR",
  "MagneticFieldStrength": 3,
  "ImagingFrequency": 123.247,
  "Manufacturer": "Siemens",
  "ManufacturersModelName": "Prisma_fit",
  "InstitutionName": "Washington University",
  "InstitutionalDepartmentName": "Department",
  "InstitutionAddress": "Scott Ave 4525,St. Louis,MO,US,63110",
  "DeviceSerialNumber": "67064",
  "StationName": "MRC35177",
  "BodyPartExamined": "HEAD",
  "PatientPosition": "HFS",
  "ProcedureStepDescription": "head^Zacks",
  "SoftwareVersions": "syngo MR E11",
  "MRAcquisitionType": "2D",
  "SeriesDescription": "fMRI_movie3_AP_MB4_SBRef",
  "ProtocolName": "fMRI_movie3_AP_MB4",
  "ScanningSequence": "EP",
  "SequenceVariant": "SK\\SS",
  "ScanOptions": "FS\\EXT",
  "SequenceName": "epfid2d1_104",
  "ImageType": [
    "ORIGINAL",
    "PRIMARY",
    "M",
    "ND",
    "MOSAIC"
  ],
  "SeriesNumber": 37,
  "AcquisitionTime": "12:21:17.455000",
  "AcquisitionNumber": 1,
  "ImageComments": "Single-band reference",
  "SliceThickness": 2.08,
  "SpacingBetweenSlices": 2.08,
  "SAR": 0.0412,
  "EchoTime": 0.037,
  "RepetitionTime": 1.483,
  "FlipAngle": 52,
  "PartialFourier": 1,
  "BaseResolution": 104,
  "ShimSetting": [
    -2012,
    -11501,
    5819,
    604,
    -4,
    21,
    88,
    7
  ],
  "TxRefAmp": 217.699,
  "PhaseResolution": 1,
  "ReceiveCoilName": "HeadNeck_64",
  "ReceiveCoilActiveElements": "HC1-7;NC1,2",
  "PulseSequenceDetails": "%CustomerSeq%\\cmrr_mbep2d_bold",
  "WipMemBlock": "1c7e1a35-5cb8-4507-896b-06f0c3c6fe95||Sequence: R016 ve11c/master r/e634e98; Dec 19 2017 11:00:25 by eja",
  "CoilCombinationMethod": "Sum of Squares",
  "ConsistencyInfo": "N4_VE11C_LATEST_20160120",
  "MatrixCoilMode": "SENSE",
  "PercentPhaseFOV": 100,
  "PercentSampling": 100,
  "EchoTrainLength": 104,
  "PhaseEncodingSteps": 104,
  "AcquisitionMatrixPE": 104,
  "ReconMatrixPE": 104,
  "BandwidthPerPixelPhaseEncode": 17.806,
  "EffectiveEchoSpacing": 0.0005,
  "DerivedVendorReportedEchoSpacing": 0.0005,
  "TotalReadoutTime": 0.0556,
  "PixelBandwidth": 2290,
  "DwellTime": 2.1e-06,
  "PhaseEncodingDirection": "j-",
  "SliceTiming": [
    0,
    0.08,
    0.1625,
    0.2425,
    0.325,
    0.405,
    0.4875,
    0.5675,
    0.65,
    0.73,
    0.8125,
    0.8925,
    0.975,
    1.055,
    1.1375,
    1.2175,
    1.3,
    1.38,
    1.4625,
    1.5425,
    1.625,
    1.705,
    1.7875,
    1.8675,
    1.95,
    2.03,
    2.1125,
    2.1925,
    2.275,
    2.355,
    2.4375,
    2.5175,
    2.6,
    2.68,
    2.7625,
    2.8425,
    2.925,
    3.005,
    3.0875,
    3.1675,
    3.25,
    3.33,
    3.4125,
    3.4925,
    3.575,
    3.655,
    3.7375,
    3.8175,
    3.9,
    3.98,
    4.0625,
    4.1425,
    4.225,
    4.305,
    4.3875,
    4.4675,
    4.55,
    4.63,
    4.7125,
    4.7925,
    4.875,
    4.955,
    5.0375,
    5.12,
    5.2,
    5.2825,
    5.3625,
    5.445,
    5.525,
    5.6075,
    5.6875,
    5.77
  ],
  "ImageOrientationPatientDICOM": [
    1,
    -0.005,
    0.0045,
    0.0056,
    0.9886,
    -0.1507
  ],
  "ImageOrientationText": "Tra>Cor(-8.7)>Sag(0.2)",
  "InPlanePhaseEncodingDirectionDICOM": "COL",
  "ConversionSoftware": "dcm2niix",
  "ConversionSoftwareVersion": "v1.0.20211006",
  "IntendedFor": [
    "func/sub-19_task-movie_run-03_bold.nii.gz"
  ]
}
