{"Modality": "MR", "MagneticFieldStrength": 3, "ImagingFrequency": 123.246, "Manufacturer": "Siemens", "ManufacturersModelName": "Prisma_fit", "InstitutionName": "Washington University", "InstitutionalDepartmentName": "Department", "InstitutionAddress": "Scott Ave 4525,St. Louis,MO,US,63110", "DeviceSerialNumber": "67064", "StationName": "MRC35177", "BodyPartExamined": "HEAD", "PatientPosition": "HFS", "ProcedureStepDescription": "head^Zacks", "SoftwareVersions": "syngo MR E11", "MRAcquisitionType": "2D", "SeriesDescription": "SpinEchoFieldMap_AP", "ProtocolName": "SpinEchoFieldMap_AP", "ScanningSequence": "EP", "SequenceVariant": "SK", "ScanOptions": "FS", "SequenceName": "epse2d1_104", "ImageType": ["ORIGINAL", "PRIMARY", "M", "ND", "MOSAIC"], "SeriesNumber": 20, "AcquisitionTime": "13:48:6.522500", "AcquisitionNumber": 1, "SliceThickness": 2.08, "SpacingBetweenSlices": 2.08, "SAR": 0.150365, "EchoTime": 0.066, "RepetitionTime": 8, "FlipAngle": 90, "PartialFourier": 1, "BaseResolution": 104, "ShimSetting": [-1995, -11440, 5769, 649, 56, -32, -208, 52], "TxRefAmp": 213.01, "PhaseResolution": 1, "VendorReportedEchoSpacing": 0.00054, "ReceiveCoilName": "HeadNeck_64", "ReceiveCoilActiveElements": "HC1-7;NC1,2", "PulseSequenceDetails": "%CustomerSeq%\\cmrr_mbep2d_se", "WipMemBlock": "10a3e635-9ae0-4876-ac83-523910b2ad06||Sequence: R016 ve11c/master r/e634e98; Dec 19 2017 11:22:56 by eja", "CoilCombinationMethod": "Sum of Squares", "ConsistencyInfo": "N4_VE11C_LATEST_20160120", "MatrixCoilMode": "SENSE", "PercentPhaseFOV": 100, "PercentSampling": 100, "EchoTrainLength": 104, "PhaseEncodingSteps": 104, "AcquisitionMatrixPE": 104, "ReconMatrixPE": 104, "BandwidthPerPixelPhaseEncode": 17.806, "EffectiveEchoSpacing": 0.000540008, "DerivedVendorReportedEchoSpacing": 0.000540008, "TotalReadoutTime": 0.0556208, "PixelBandwidth": 2290, "DwellTime": 2.1e-06, "PhaseEncodingDirection": "j-", "SliceTiming": [3.99, 0, 4.1, 0.11, 4.21, 0.2225, 4.3225, 0.3325, 4.4325, 0.4425, 4.5425, 0.555, 4.655, 0.665, 4.765, 0.775, 4.875, 0.8875, 4.9875, 0.9975, 5.0975, 1.1075, 5.2075, 1.22, 5.32, 1.33, 5.43, 1.44, 5.54, 1.5525, 5.6525, 1.6625, 5.7625, 1.7725, 5.8725, 1.885, 5.985, 1.995, 6.095, 2.105, 6.205, 2.2175, 6.3175, 2.3275, 6.4275, 2.4375, 6.5375, 2.55, 6.65, 2.66, 6.76, 2.77, 6.87, 2.8825, 6.9825, 2.9925, 7.0925, 3.1025, 7.2025, 3.215, 7.315, 3.325, 7.425, 3.435, 7.535, 3.5475, 7.6475, 3.6575, 7.7575, 3.7675, 7.8675, 3.88], "ImageOrientationPatientDICOM": [0.998892, -0.0383248, -0.0272947, 0.0282506, 0.95243, -0.303444], "ImageOrientationText": "Tra>Cor(-17.6)>Sag(-2.2)", "InPlanePhaseEncodingDirectionDICOM": "COL", "ConversionSoftware": "dcm2niix", "ConversionSoftwareVersion": "v1.0.20211006", "IntendedFor": ["func/sub-22_task-movie_run-02_bold.nii.gz"]}