{
  "Modality": "MR",
  "MagneticFieldStrength": 3,
  "ImagingFrequency": 123.247,
  "Manufacturer": "Siemens",
  "ManufacturersModelName": "Prisma_fit",
  "InstitutionName": "Washington_University",
  "InstitutionalDepartmentName": "Department",
  "InstitutionAddress": "Scott_Ave_4525_St._Louis_MO_US_63110",
  "DeviceSerialNumber": "67064",
  "StationName": "MRC35177",
  "BodyPartExamined": "HEAD",
  "PatientPosition": "HFS",
  "ProcedureStepDescription": "head_Zacks",
  "SoftwareVersions": "syngo_MR_E11",
  "MRAcquisitionType": "2D",
  "SeriesDescription": "fMRI_movie2_AP_MB4",
  "ProtocolName": "fMRI_movie2_AP_MB4",
  "ScanningSequence": "EP",
  "SequenceVariant": "SK_SS",
  "ScanOptions": "FS_EXT",
  "SequenceName": "epfid2d1_104",
  "ImageType": [
    "ORIGINAL",
    "PRIMARY",
    "M",
    "MB",
    "ND",
    "MOSAIC"
  ],
  "SeriesNumber": 29,
  "AcquisitionTime": "09:32:6.597500",
  "AcquisitionNumber": 1,
  "ImageComments": "MB4",
  "SliceThickness": 2.08,
  "SpacingBetweenSlices": 2.08,
  "SAR": 0.0436,
  "EchoTime": 0.037,
  "RepetitionTime": 1.483,
  "FlipAngle": 52,
  "PartialFourier": 1,
  "BaseResolution": 104,
  "ShimSetting": [
    -2004,
    -11566,
    5851,
    469,
    7,
    -132,
    -23,
    4
  ],
  "TxRefAmp": 221.315,
  "PhaseResolution": 1,
  "ReceiveCoilName": "HeadNeck_64",
  "ReceiveCoilActiveElements": "HC1-7;NC1,2",
  "CoilString": "HC1-7;NC1_2",
  "PulseSequenceDetails": "%CustomerSeq%_cmrr_mbep2d_bold",
  "WipMemBlock": "3412b9d6-50e2-4076-97f3-414716562937||Sequence: R016 ve11c/master r/e634e98; Dec 19 2017 11:00:25 by eja",
  "ConsistencyInfo": "N4_VE11C_LATEST_20160120",
  "MultibandAccelerationFactor": 4,
  "PercentPhaseFOV": 100,
  "PercentSampling": 100,
  "EchoTrainLength": 104,
  "PhaseEncodingSteps": 104,
  "AcquisitionMatrixPE": 104,
  "ReconMatrixPE": 104,
  "BandwidthPerPixelPhaseEncode": 17.806,
  "EffectiveEchoSpacing": 0.0005,
  "DerivedVendorReportedEchoSpacing": 0.0005,
  "TotalReadoutTime": 0.0556,
  "PixelBandwidth": 2290,
  "DwellTime": 2.1e-06,
  "PhaseEncodingDirection": "j-",
  "SliceTiming": [
    0,
    1.0575,
    0.65,
    0.245,
    1.3025,
    0.895,
    0.4875,
    0.0825,
    1.14,
    0.7325,
    0.325,
    1.3825,
    0.9775,
    0.57,
    0.1625,
    1.22,
    0.815,
    0.4075,
    0,
    1.0575,
    0.65,
    0.245,
    1.3025,
    0.895,
    0.4875,
    0.0825,
    1.14,
    0.7325,
    0.325,
    1.3825,
    0.9775,
    0.57,
    0.1625,
    1.22,
    0.815,
    0.4075,
    0,
    1.0575,
    0.65,
    0.245,
    1.3025,
    0.895,
    0.4875,
    0.0825,
    1.14,
    0.7325,
    0.325,
    1.3825,
    0.9775,
    0.57,
    0.1625,
    1.22,
    0.815,
    0.4075,
    0,
    1.0575,
    0.65,
    0.245,
    1.3025,
    0.895,
    0.4875,
    0.0825,
    1.14,
    0.7325,
    0.325,
    1.3825,
    0.9775,
    0.57,
    0.1625,
    1.22,
    0.815,
    0.4075
  ],
  "ImageOrientationPatientDICOM": [
    0.9994,
    0.0181,
    -0.0293,
    -0.0199,
    0.998,
    -0.0603
  ],
  "InPlanePhaseEncodingDirectionDICOM": "COL",
  "ConversionSoftware": "dcm2niix",
  "ConversionSoftwareVersion": "v1.0.20200331",
  "TaskName": "movie"
}
