{
  "Modality": "MR",
  "MagneticFieldStrength": 3,
  "ImagingFrequency": 123.247,
  "Manufacturer": "Siemens",
  "ManufacturersModelName": "Prisma_fit",
  "InstitutionName": "Washington University",
  "InstitutionalDepartmentName": "Department",
  "InstitutionAddress": "Scott Ave 4525,St. Louis,MO,US,63110",
  "DeviceSerialNumber": "67064",
  "StationName": "MRC35177",
  "BodyPartExamined": "HEAD",
  "PatientPosition": "HFS",
  "ProcedureStepDescription": "head^Zacks",
  "SoftwareVersions": "syngo MR E11",
  "MRAcquisitionType": "2D",
  "SeriesDescription": "fMRI_movie2_AP_MB4",
  "ProtocolName": "fMRI_movie2_AP_MB4",
  "ScanningSequence": "EP",
  "SequenceVariant": "SK\\SS",
  "ScanOptions": "FS\\EXT",
  "SequenceName": "epfid2d1_104",
  "ImageType": [
    "ORIGINAL",
    "PRIMARY",
    "M",
    "MB",
    "ND",
    "MOSAIC"
  ],
  "SeriesNumber": 23,
  "AcquisitionTime": "13:40:5.500000",
  "AcquisitionNumber": 1,
  "ImageComments": "MB4",
  "SliceThickness": 2.08,
  "SpacingBetweenSlices": 2.08,
  "SAR": 0.0355,
  "EchoTime": 0.037,
  "RepetitionTime": 1.483,
  "FlipAngle": 52,
  "PartialFourier": 1,
  "BaseResolution": 104,
  "ShimSetting": [
    -1981,
    -11506,
    5864,
    578,
    64,
    -52,
    14,
    -40
  ],
  "TxRefAmp": 213.947,
  "PhaseResolution": 1,
  "ReceiveCoilName": "HeadNeck_64",
  "ReceiveCoilActiveElements": "HC1-7;NC1,2",
  "PulseSequenceDetails": "%CustomerSeq%\\cmrr_mbep2d_bold",
  "WipMemBlock": "d2d20ce7-82aa-4672-8bc9-5fa14b4ebfe9||Sequence: R016 ve11c/master r/e634e98; Dec 19 2017 11:00:25 by eja",
  "CoilCombinationMethod": "Sum of Squares",
  "ConsistencyInfo": "N4_VE11C_LATEST_20160120",
  "MatrixCoilMode": "SENSE",
  "MultibandAccelerationFactor": 4,
  "PercentPhaseFOV": 100,
  "PercentSampling": 100,
  "EchoTrainLength": 104,
  "PhaseEncodingSteps": 104,
  "AcquisitionMatrixPE": 104,
  "ReconMatrixPE": 104,
  "BandwidthPerPixelPhaseEncode": 17.806,
  "EffectiveEchoSpacing": 0.0005,
  "DerivedVendorReportedEchoSpacing": 0.0005,
  "TotalReadoutTime": 0.0556,
  "PixelBandwidth": 2290,
  "DwellTime": 2.1e-06,
  "PhaseEncodingDirection": "j-",
  "SliceTiming": [
    0,
    1.0575,
    0.65,
    0.245,
    1.3025,
    0.895,
    0.4875,
    0.0825,
    1.14,
    0.7325,
    0.325,
    1.3825,
    0.9775,
    0.57,
    0.1625,
    1.22,
    0.815,
    0.4075,
    0,
    1.0575,
    0.65,
    0.245,
    1.3025,
    0.895,
    0.4875,
    0.0825,
    1.14,
    0.7325,
    0.325,
    1.3825,
    0.9775,
    0.57,
    0.1625,
    1.22,
    0.815,
    0.4075,
    0,
    1.0575,
    0.65,
    0.245,
    1.3025,
    0.895,
    0.4875,
    0.0825,
    1.14,
    0.7325,
    0.325,
    1.3825,
    0.9775,
    0.57,
    0.1625,
    1.22,
    0.815,
    0.4075,
    0,
    1.0575,
    0.65,
    0.245,
    1.3025,
    0.895,
    0.4875,
    0.0825,
    1.14,
    0.7325,
    0.325,
    1.3825,
    0.9775,
    0.57,
    0.1625,
    1.22,
    0.815,
    0.4075
  ],
  "ImageOrientationPatientDICOM": [
    0.9981,
    -0.0456,
    0.0411,
    0.0556,
    0.9551,
    -0.2909
  ],
  "ImageOrientationText": "Tra>Cor(-17.0)>Sag(1.5)",
  "InPlanePhaseEncodingDirectionDICOM": "COL",
  "ConversionSoftware": "dcm2niix",
  "ConversionSoftwareVersion": "v1.0.20211006",
  "TaskName": "movie"
}
