{
  "Modality": "MR",
  "MagneticFieldStrength": 3,
  "ImagingFrequency": 123.247,
  "Manufacturer": "Siemens",
  "ManufacturersModelName": "Prisma_fit",
  "InstitutionName": "Washington University",
  "InstitutionalDepartmentName": "Department",
  "InstitutionAddress": "Scott Ave 4525,St. Louis,MO,US,63110",
  "DeviceSerialNumber": "67064",
  "StationName": "MRC35177",
  "BodyPartExamined": "HEAD",
  "PatientPosition": "HFS",
  "ProcedureStepDescription": "head^Zacks",
  "SoftwareVersions": "syngo MR E11",
  "MRAcquisitionType": "2D",
  "SeriesDescription": "fMRI_movie3_AP_MB4",
  "ProtocolName": "fMRI_movie3_AP_MB4",
  "ScanningSequence": "EP",
  "SequenceVariant": "SK\\SS",
  "ScanOptions": "FS\\EXT",
  "SequenceName": "epfid2d1_104",
  "ImageType": [
    "ORIGINAL",
    "PRIMARY",
    "M",
    "MB",
    "ND",
    "MOSAIC"
  ],
  "SeriesNumber": 28,
  "AcquisitionTime": "13:51:14.940000",
  "AcquisitionNumber": 1,
  "ImageComments": "MB4",
  "SliceThickness": 2.08,
  "SpacingBetweenSlices": 2.08,
  "SAR": 0.0381,
  "EchoTime": 0.037,
  "RepetitionTime": 1.483,
  "FlipAngle": 52,
  "PartialFourier": 1,
  "BaseResolution": 104,
  "ShimSetting": [
    -1985,
    -11577,
    5858,
    497,
    13,
    -86,
    -146,
    -47
  ],
  "TxRefAmp": 213.703,
  "PhaseResolution": 1,
  "ReceiveCoilName": "HeadNeck_64",
  "ReceiveCoilActiveElements": "HC1-7;NC1,2",
  "PulseSequenceDetails": "%CustomerSeq%\\cmrr_mbep2d_bold",
  "WipMemBlock": "eae1b3c0-9bf0-4a10-a45d-6927b6d8471a||Sequence: R016 ve11c/master r/e634e98; Dec 19 2017 11:00:25 by eja",
  "CoilCombinationMethod": "Sum of Squares",
  "ConsistencyInfo": "N4_VE11C_LATEST_20160120",
  "MatrixCoilMode": "SENSE",
  "MultibandAccelerationFactor": 4,
  "PercentPhaseFOV": 100,
  "PercentSampling": 100,
  "EchoTrainLength": 104,
  "PhaseEncodingSteps": 104,
  "AcquisitionMatrixPE": 104,
  "ReconMatrixPE": 104,
  "BandwidthPerPixelPhaseEncode": 17.806,
  "EffectiveEchoSpacing": 0.0005,
  "DerivedVendorReportedEchoSpacing": 0.0005,
  "TotalReadoutTime": 0.0556,
  "PixelBandwidth": 2290,
  "DwellTime": 2.1e-06,
  "PhaseEncodingDirection": "j-",
  "SliceTiming": [
    0,
    1.0575,
    0.65,
    0.2425,
    1.3,
    0.8925,
    0.4875,
    0.08,
    1.1375,
    0.73,
    0.325,
    1.3825,
    0.975,
    0.5675,
    0.1625,
    1.22,
    0.8125,
    0.405,
    0,
    1.0575,
    0.65,
    0.2425,
    1.3,
    0.8925,
    0.4875,
    0.08,
    1.1375,
    0.73,
    0.325,
    1.3825,
    0.975,
    0.5675,
    0.1625,
    1.22,
    0.8125,
    0.405,
    0,
    1.0575,
    0.65,
    0.2425,
    1.3,
    0.8925,
    0.4875,
    0.08,
    1.1375,
    0.73,
    0.325,
    1.3825,
    0.975,
    0.5675,
    0.1625,
    1.22,
    0.8125,
    0.405,
    0,
    1.0575,
    0.65,
    0.2425,
    1.3,
    0.8925,
    0.4875,
    0.08,
    1.1375,
    0.73,
    0.325,
    1.3825,
    0.975,
    0.5675,
    0.1625,
    1.22,
    0.8125,
    0.405
  ],
  "ImageOrientationPatientDICOM": [
    0.9991,
    -0.0194,
    0.0369,
    0.026,
    0.9818,
    -0.188
  ],
  "ImageOrientationText": "Tra>Cor(-10.9)>Sag(1.9)",
  "InPlanePhaseEncodingDirectionDICOM": "COL",
  "ConversionSoftware": "dcm2niix",
  "ConversionSoftwareVersion": "v1.0.20211006",
  "TaskName": "movie"
}
