{"Modality": "MR", "MagneticFieldStrength": 3, "ImagingFrequency": 123.247, "Manufacturer": "Siemens", "ManufacturersModelName": "Prisma_fit", "InstitutionName": "Washington_University", "InstitutionalDepartmentName": "Department", "InstitutionAddress": "Scott_Ave_4525_St._Louis_MO_US_63110", "DeviceSerialNumber": "67064", "StationName": "MRC35177", "BodyPartExamined": "HEAD", "PatientPosition": "HFS", "ProcedureStepDescription": "head_Zacks", "SoftwareVersions": "syngo_MR_E11", "MRAcquisitionType": "2D", "SeriesDescription": "SpinEchoFieldMap_AP", "ProtocolName": "SpinEchoFieldMap_AP", "ScanningSequence": "EP", "SequenceVariant": "SK", "ScanOptions": "FS", "SequenceName": "epse2d1_104", "ImageType": ["ORIGINAL", "PRIMARY", "M", "ND", "MOSAIC"], "SeriesNumber": 20, "AcquisitionTime": "11:58:16.442500", "AcquisitionNumber": 1, "ImageComments": "Project:NP1157_Subject:NP1157_e152010_Session:e152010", "SliceThickness": 2.08, "SpacingBetweenSlices": 2.08, "SAR": 0.139072, "EchoTime": 0.066, "RepetitionTime": 8, "FlipAngle": 90, "PartialFourier": 1, "BaseResolution": 104, "ShimSetting": [-1997, -11617, 5884, 683, 28, -309, 43, 12], "TxRefAmp": 213.635, "PhaseResolution": 1, "VendorReportedEchoSpacing": 0.00054, "ReceiveCoilName": "HeadNeck_64", "ReceiveCoilActiveElements": "HC1-7;NC1,2", "CoilString": "HC1-7;NC1_2", "PulseSequenceDetails": "%CustomerSeq%_cmrr_mbep2d_se", "WipMemBlock": "e6bad40e-51ce-4c57-bce9-0b6f20d7d9de||Sequence: R016 ve11c/master r/e634e98; Dec 19 2017 11:22:56 by eja", "ConsistencyInfo": "N4_VE11C_LATEST_20160120", "PercentPhaseFOV": 100, "PercentSampling": 100, "EchoTrainLength": 104, "PhaseEncodingSteps": 104, "AcquisitionMatrixPE": 104, "ReconMatrixPE": 104, "BandwidthPerPixelPhaseEncode": 17.806, "EffectiveEchoSpacing": 0.000540008, "DerivedVendorReportedEchoSpacing": 0.000540008, "TotalReadoutTime": 0.0556208, "PixelBandwidth": 2290, "DwellTime": 2.1e-06, "PhaseEncodingDirection": "j-", "SliceTiming": [3.99, 0, 4.1, 0.11, 4.2125, 0.2225, 4.3225, 0.3325, 4.4325, 0.4425, 4.545, 0.555, 4.655, 0.665, 4.765, 0.775, 4.8775, 0.8875, 4.9875, 0.9975, 5.0975, 1.1075, 5.21, 1.22, 5.32, 1.33, 5.43, 1.44, 5.5425, 1.5525, 5.6525, 1.6625, 5.7625, 1.7725, 5.875, 1.885, 5.985, 1.995, 6.095, 2.105, 6.2075, 2.2175, 6.3175, 2.3275, 6.4275, 2.4375, 6.54, 2.55, 6.65, 2.66, 6.76, 2.77, 6.8725, 2.8825, 6.9825, 2.9925, 7.0925, 3.1025, 7.205, 3.215, 7.315, 3.325, 7.425, 3.435, 7.5375, 3.5475, 7.6475, 3.6575, 7.7575, 3.7675, 7.87, 3.88], "ImageOrientationPatientDICOM": [0.998622, 0.0368863, 0.0373423, -0.0315574, 0.990423, -0.13441], "InPlanePhaseEncodingDirectionDICOM": "COL", "ConversionSoftware": "dcm2niix", "ConversionSoftwareVersion": "v1.0.20200331", "IntendedFor": ["func/sub-06_task-movie_run-02_bold.nii.gz"]}