{
  "Modality": "MR",
  "MagneticFieldStrength": 3,
  "ImagingFrequency": 123.247,
  "Manufacturer": "Siemens",
  "ManufacturersModelName": "Prisma_fit",
  "InstitutionName": "Washington_University",
  "InstitutionalDepartmentName": "Department",
  "InstitutionAddress": "Scott_Ave_4525_St._Louis_MO_US_63110",
  "DeviceSerialNumber": "67064",
  "StationName": "MRC35177",
  "BodyPartExamined": "HEAD",
  "PatientPosition": "HFS",
  "ProcedureStepDescription": "head_Zacks",
  "SoftwareVersions": "syngo_MR_E11",
  "MRAcquisitionType": "2D",
  "SeriesDescription": "fMRI_movie1_AP_MB4",
  "ProtocolName": "fMRI_movie1_AP_MB4",
  "ScanningSequence": "EP",
  "SequenceVariant": "SK_SS",
  "ScanOptions": "FS_EXT",
  "SequenceName": "epfid2d1_104",
  "ImageType": [
    "ORIGINAL",
    "PRIMARY",
    "M",
    "MB",
    "ND",
    "MOSAIC"
  ],
  "SeriesNumber": 18,
  "AcquisitionTime": "11:47:39.392500",
  "AcquisitionNumber": 1,
  "ImageComments": "MB4",
  "SliceThickness": 2.08,
  "SpacingBetweenSlices": 2.08,
  "SAR": 0.0392,
  "EchoTime": 0.037,
  "RepetitionTime": 1.483,
  "FlipAngle": 52,
  "PartialFourier": 1,
  "BaseResolution": 104,
  "ShimSetting": [
    -1997,
    -11613,
    5883,
    684,
    23,
    -304,
    45,
    6
  ],
  "TxRefAmp": 213.635,
  "PhaseResolution": 1,
  "ReceiveCoilName": "HeadNeck_64",
  "ReceiveCoilActiveElements": "HC1-7;NC1,2",
  "CoilString": "HC1-7;NC1_2",
  "PulseSequenceDetails": "%CustomerSeq%_cmrr_mbep2d_bold",
  "WipMemBlock": "057cb639-5bd0-4ab2-824b-a9bbd4f4748e||Sequence: R016 ve11c/master r/e634e98; Dec 19 2017 11:00:25 by eja",
  "ConsistencyInfo": "N4_VE11C_LATEST_20160120",
  "MultibandAccelerationFactor": 4,
  "PercentPhaseFOV": 100,
  "PercentSampling": 100,
  "EchoTrainLength": 104,
  "PhaseEncodingSteps": 104,
  "AcquisitionMatrixPE": 104,
  "ReconMatrixPE": 104,
  "BandwidthPerPixelPhaseEncode": 17.806,
  "EffectiveEchoSpacing": 0.0005,
  "DerivedVendorReportedEchoSpacing": 0.0005,
  "TotalReadoutTime": 0.0556,
  "PixelBandwidth": 2290,
  "DwellTime": 2.1e-06,
  "PhaseEncodingDirection": "j-",
  "SliceTiming": [
    0,
    1.0575,
    0.65,
    0.245,
    1.3,
    0.895,
    0.4875,
    0.0825,
    1.1375,
    0.7325,
    0.325,
    1.3825,
    0.975,
    0.57,
    0.1625,
    1.22,
    0.8125,
    0.4075,
    0,
    1.0575,
    0.65,
    0.245,
    1.3,
    0.895,
    0.4875,
    0.0825,
    1.1375,
    0.7325,
    0.325,
    1.3825,
    0.975,
    0.57,
    0.1625,
    1.22,
    0.8125,
    0.4075,
    0,
    1.0575,
    0.65,
    0.245,
    1.3,
    0.895,
    0.4875,
    0.0825,
    1.1375,
    0.7325,
    0.325,
    1.3825,
    0.975,
    0.57,
    0.1625,
    1.22,
    0.8125,
    0.4075,
    0,
    1.0575,
    0.65,
    0.245,
    1.3,
    0.895,
    0.4875,
    0.0825,
    1.1375,
    0.7325,
    0.325,
    1.3825,
    0.975,
    0.57,
    0.1625,
    1.22,
    0.8125,
    0.4075
  ],
  "ImageOrientationPatientDICOM": [
    0.9986,
    0.0368,
    0.0373,
    -0.0343,
    0.9973,
    -0.065
  ],
  "InPlanePhaseEncodingDirectionDICOM": "COL",
  "ConversionSoftware": "dcm2niix",
  "ConversionSoftwareVersion": "v1.0.20200331",
  "TaskName": "movie"
}
