{
	"Modality": "MR",
	"MagneticFieldStrength": 3,
	"ImagingFrequency": 123.247,
	"Manufacturer": "Siemens",
	"ManufacturersModelName": "Prisma_fit",
	"InstitutionName": "Washington University",
	"InstitutionalDepartmentName": "Department",
	"InstitutionAddress": "Scott Ave 4525,St. Louis,MO,US,63110",
	"DeviceSerialNumber": "67064",
	"StationName": "MRC35177",
	"BodyPartExamined": "HEAD",
	"PatientPosition": "HFS",
	"ProcedureStepDescription": "head^Zacks",
	"SoftwareVersions": "syngo MR E11",
	"MRAcquisitionType": "3D",
	"SeriesDescription": "ABCD_T2w_SPC_vNav",
	"ProtocolName": "ABCD_T2w_SPC_vNav",
	"ScanningSequence": "SE",
	"SequenceVariant": "SK\\SP",
	"ScanOptions": "PFP",
	"SequenceName": "spc_200ns",
	"ImageType": ["ORIGINAL", "PRIMARY", "M", "ND"],
	"SeriesNumber": 13,
	"AcquisitionTime": "11:14:59.570000",
	"AcquisitionNumber": 1,
	"SliceThickness": 1,
	"SAR": 0.0655583,
	"EchoTime": 0.565,
	"RepetitionTime": 3.2,
	"SpoilingState": true,
	"FlipAngle": 120,
	"PartialFourier": 1,
	"BaseResolution": 256,
	"ShimSetting": [
		-1995,
		-11582,
		5765,
		122,
		48,
		-324,
		-44,
		5	],
	"TxRefAmp": 211.511,
	"PhaseResolution": 1,
	"ReceiveCoilName": "HeadNeck_64",
	"ReceiveCoilActiveElements": "HC1-7;NC1,2",
	"PulseSequenceDetails": "%CustomerSeq%\\tse_vfl_mgh_epinav_ABCD",
	"WipMemBlock": "Prisma_epi_moco_navigator_ABCD_tse_vfl.prot",
	"RefLinesPE": 32,
	"CoilCombinationMethod": "Adaptive Combine",
	"ConsistencyInfo": "N4_VE11C_LATEST_20160120",
	"MatrixCoilMode": "GRAPPA",
	"PercentPhaseFOV": 100,
	"PercentSampling": 100,
	"EchoTrainLength": 190,
	"PhaseEncodingSteps": 227,
	"AcquisitionMatrixPE": 256,
	"ReconMatrixPE": 256,
	"ParallelReductionFactorInPlane": 2,
	"PixelBandwidth": 240,
	"DwellTime": 8.1e-06,
	"PhaseEncodingDirection": "i",
	"ImageOrientationPatientDICOM": [
		0,
		1,
		0,
		0,
		0,
		-1	],
	"ImageOrientationText": "Sag",
	"InPlanePhaseEncodingDirectionDICOM": "ROW",
	"ConversionSoftware": "dcm2niix",
	"ConversionSoftwareVersion": "v1.0.20211006"
}
