{
  "Modality": "MR",
  "MagneticFieldStrength": 3,
  "ImagingFrequency": 123.247,
  "Manufacturer": "Siemens",
  "ManufacturersModelName": "Prisma_fit",
  "InstitutionName": "Washington_University",
  "InstitutionalDepartmentName": "Department",
  "InstitutionAddress": "Scott_Ave_4525_St._Louis_MO_US_63110",
  "DeviceSerialNumber": "67064",
  "StationName": "MRC35177",
  "BodyPartExamined": "HEAD",
  "PatientPosition": "HFS",
  "ProcedureStepDescription": "head_Zacks",
  "SoftwareVersions": "syngo_MR_E11",
  "MRAcquisitionType": "2D",
  "SeriesDescription": "fMRI_movie1_AP_MB4",
  "ProtocolName": "fMRI_movie1_AP_MB4",
  "ScanningSequence": "EP",
  "SequenceVariant": "SK_SS",
  "ScanOptions": "FS_EXT",
  "SequenceName": "epfid2d1_104",
  "ImageType": [
    "ORIGINAL",
    "PRIMARY",
    "M",
    "MB",
    "ND",
    "MOSAIC"
  ],
  "SeriesNumber": 24,
  "AcquisitionTime": "10:23:0.147500",
  "AcquisitionNumber": 1,
  "ImageComments": "MB4",
  "SliceThickness": 2.08,
  "SpacingBetweenSlices": 2.08,
  "SAR": 0.0364,
  "EchoTime": 0.037,
  "RepetitionTime": 1.483,
  "FlipAngle": 52,
  "PartialFourier": 1,
  "BaseResolution": 104,
  "ShimSetting": [
    -2017,
    -11494,
    5868,
    355,
    43,
    -48,
    3,
    23
  ],
  "TxRefAmp": 208.777,
  "PhaseResolution": 1,
  "ReceiveCoilName": "HeadNeck_64",
  "ReceiveCoilActiveElements": "HC1-7;NC1,2",
  "CoilString": "HC1-7;NC1_2",
  "PulseSequenceDetails": "%CustomerSeq%_cmrr_mbep2d_bold",
  "WipMemBlock": "34a2a1f7-5bce-4765-9efa-86dc290771df||Sequence: R016 ve11c/master r/e634e98; Dec 19 2017 11:00:25 by eja",
  "ConsistencyInfo": "N4_VE11C_LATEST_20160120",
  "MultibandAccelerationFactor": 4,
  "PercentPhaseFOV": 100,
  "PercentSampling": 100,
  "EchoTrainLength": 104,
  "PhaseEncodingSteps": 104,
  "AcquisitionMatrixPE": 104,
  "ReconMatrixPE": 104,
  "BandwidthPerPixelPhaseEncode": 17.806,
  "EffectiveEchoSpacing": 0.0005,
  "DerivedVendorReportedEchoSpacing": 0.0005,
  "TotalReadoutTime": 0.0556,
  "PixelBandwidth": 2290,
  "DwellTime": 2.1e-06,
  "PhaseEncodingDirection": "j-",
  "SliceTiming": [
    0,
    1.0575,
    0.65,
    0.2425,
    1.3,
    0.8925,
    0.4875,
    0.08,
    1.1375,
    0.73,
    0.325,
    1.3825,
    0.975,
    0.5675,
    0.1625,
    1.22,
    0.8125,
    0.405,
    0,
    1.0575,
    0.65,
    0.2425,
    1.3,
    0.8925,
    0.4875,
    0.08,
    1.1375,
    0.73,
    0.325,
    1.3825,
    0.975,
    0.5675,
    0.1625,
    1.22,
    0.8125,
    0.405,
    0,
    1.0575,
    0.65,
    0.2425,
    1.3,
    0.8925,
    0.4875,
    0.08,
    1.1375,
    0.73,
    0.325,
    1.3825,
    0.975,
    0.5675,
    0.1625,
    1.22,
    0.8125,
    0.405,
    0,
    1.0575,
    0.65,
    0.2425,
    1.3,
    0.8925,
    0.4875,
    0.08,
    1.1375,
    0.73,
    0.325,
    1.3825,
    0.975,
    0.5675,
    0.1625,
    1.22,
    0.8125,
    0.405
  ],
  "ImageOrientationPatientDICOM": [
    0.9977,
    -0.059,
    -0.0321,
    0.0483,
    0.962,
    -0.2687
  ],
  "InPlanePhaseEncodingDirectionDICOM": "COL",
  "ConversionSoftware": "dcm2niix",
  "ConversionSoftwareVersion": "v1.0.20200331",
  "TaskName": "movie"
}
