{
  "Modality": "MR",
  "MagneticFieldStrength": 3,
  "ImagingFrequency": 123.247,
  "Manufacturer": "Siemens",
  "ManufacturersModelName": "Prisma_fit",
  "InstitutionName": "Washington University",
  "InstitutionalDepartmentName": "Department",
  "InstitutionAddress": "Scott Ave 4525,St. Louis,MO,US,63110",
  "DeviceSerialNumber": "67064",
  "StationName": "MRC35177",
  "BodyPartExamined": "HEAD",
  "PatientPosition": "HFS",
  "ProcedureStepDescription": "head^Zacks",
  "SoftwareVersions": "syngo MR E11",
  "MRAcquisitionType": "2D",
  "SeriesDescription": "fMRI_movie1_AP_MB4_SBRef",
  "ProtocolName": "fMRI_movie1_AP_MB4",
  "ScanningSequence": "EP",
  "SequenceVariant": "SK\\SS",
  "ScanOptions": "FS\\EXT",
  "SequenceName": "epfid2d1_104",
  "ImageType": [
    "ORIGINAL",
    "PRIMARY",
    "M",
    "ND",
    "MOSAIC"
  ],
  "SeriesNumber": 17,
  "AcquisitionTime": "09:15:46.620000",
  "AcquisitionNumber": 1,
  "ImageComments": "Single-band reference",
  "SliceThickness": 2.08,
  "SpacingBetweenSlices": 2.08,
  "SAR": 0.0385,
  "EchoTime": 0.037,
  "RepetitionTime": 1.483,
  "FlipAngle": 52,
  "PartialFourier": 1,
  "BaseResolution": 104,
  "ShimSetting": [
    -2006,
    -11505,
    5890,
    606,
    -18,
    -27,
    -45,
    -29
  ],
  "TxRefAmp": 231.105,
  "PhaseResolution": 1,
  "ReceiveCoilName": "HeadNeck_64",
  "ReceiveCoilActiveElements": "HC1-7;NC1,2",
  "PulseSequenceDetails": "%CustomerSeq%\\cmrr_mbep2d_bold",
  "WipMemBlock": "242b865d-97f3-48b9-b126-9ba73dadf1e2||Sequence: R016 ve11c/master r/e634e98; Dec 19 2017 11:00:25 by eja",
  "CoilCombinationMethod": "Sum of Squares",
  "ConsistencyInfo": "N4_VE11C_LATEST_20160120",
  "MatrixCoilMode": "SENSE",
  "PercentPhaseFOV": 100,
  "PercentSampling": 100,
  "EchoTrainLength": 104,
  "PhaseEncodingSteps": 104,
  "AcquisitionMatrixPE": 104,
  "ReconMatrixPE": 104,
  "BandwidthPerPixelPhaseEncode": 17.806,
  "EffectiveEchoSpacing": 0.0005,
  "DerivedVendorReportedEchoSpacing": 0.0005,
  "TotalReadoutTime": 0.0556,
  "PixelBandwidth": 2290,
  "DwellTime": 2.1e-06,
  "PhaseEncodingDirection": "j-",
  "SliceTiming": [
    0,
    0.0825,
    0.1625,
    0.245,
    0.325,
    0.4075,
    0.4875,
    0.57,
    0.65,
    0.7325,
    0.8125,
    0.895,
    0.975,
    1.0575,
    1.1375,
    1.22,
    1.3,
    1.3825,
    1.4625,
    1.545,
    1.625,
    1.7075,
    1.7875,
    1.87,
    1.95,
    2.0325,
    2.1125,
    2.195,
    2.275,
    2.3575,
    2.4375,
    2.52,
    2.6,
    2.6825,
    2.7625,
    2.845,
    2.925,
    3.0075,
    3.0875,
    3.17,
    3.25,
    3.3325,
    3.4125,
    3.495,
    3.575,
    3.6575,
    3.7375,
    3.82,
    3.9025,
    3.9825,
    4.065,
    4.145,
    4.2275,
    4.3075,
    4.39,
    4.47,
    4.5525,
    4.6325,
    4.715,
    4.795,
    4.8775,
    4.9575,
    5.04,
    5.12,
    5.2025,
    5.2825,
    5.365,
    5.445,
    5.5275,
    5.6075,
    5.69,
    5.77
  ],
  "ImageOrientationPatientDICOM": [
    0.9992,
    -0.0115,
    0.0391,
    0.0223,
    0.9573,
    -0.2882
  ],
  "ImageOrientationText": "Tra>Cor(-16.8)>Sag(2.0)",
  "InPlanePhaseEncodingDirectionDICOM": "COL",
  "ConversionSoftware": "dcm2niix",
  "ConversionSoftwareVersion": "v1.0.20211006",
  "IntendedFor": [
    "func/sub-18_task-movie_run-01_bold.nii.gz"
  ]
}
