{
  "Modality": "MR",
  "MagneticFieldStrength": 3,
  "ImagingFrequency": 123.247,
  "Manufacturer": "Siemens",
  "ManufacturersModelName": "Prisma_fit",
  "InstitutionName": "Washington University",
  "InstitutionalDepartmentName": "Department",
  "InstitutionAddress": "Scott Ave 4525,St. Louis,MO,US,63110",
  "DeviceSerialNumber": "67064",
  "StationName": "MRC35177",
  "BodyPartExamined": "HEAD",
  "PatientPosition": "HFS",
  "ProcedureStepDescription": "head^Zacks",
  "SoftwareVersions": "syngo MR E11",
  "MRAcquisitionType": "2D",
  "SeriesDescription": "fMRI_movie1_AP_MB4_SBRef",
  "ProtocolName": "fMRI_movie1_AP_MB4",
  "ScanningSequence": "EP",
  "SequenceVariant": "SK\\SS",
  "ScanOptions": "FS\\EXT",
  "SequenceName": "epfid2d1_104",
  "ImageType": [
    "ORIGINAL",
    "PRIMARY",
    "M",
    "ND",
    "MOSAIC"
  ],
  "SeriesNumber": 17,
  "AcquisitionTime": "12:16:18.815000",
  "AcquisitionNumber": 1,
  "ImageComments": "Single-band reference",
  "SliceThickness": 2.08,
  "SpacingBetweenSlices": 2.08,
  "SAR": 0.0371,
  "EchoTime": 0.037,
  "RepetitionTime": 1.483,
  "FlipAngle": 52,
  "PartialFourier": 1,
  "BaseResolution": 104,
  "ShimSetting": [
    -2004,
    -11515,
    5852,
    444,
    -2,
    173,
    -65,
    0
  ],
  "TxRefAmp": 228.236,
  "PhaseResolution": 1,
  "ReceiveCoilName": "HeadNeck_64",
  "ReceiveCoilActiveElements": "HC1-7;NC1,2",
  "PulseSequenceDetails": "%CustomerSeq%\\cmrr_mbep2d_bold",
  "WipMemBlock": "f5904c88-ec14-498c-a10c-b6bb7f20bd16||Sequence: R016 ve11c/master r/e634e98; Dec 19 2017 11:00:25 by eja",
  "CoilCombinationMethod": "Sum of Squares",
  "ConsistencyInfo": "N4_VE11C_LATEST_20160120",
  "MatrixCoilMode": "SENSE",
  "PercentPhaseFOV": 100,
  "PercentSampling": 100,
  "EchoTrainLength": 104,
  "PhaseEncodingSteps": 104,
  "AcquisitionMatrixPE": 104,
  "ReconMatrixPE": 104,
  "BandwidthPerPixelPhaseEncode": 17.806,
  "EffectiveEchoSpacing": 0.0005,
  "DerivedVendorReportedEchoSpacing": 0.0005,
  "TotalReadoutTime": 0.0556,
  "PixelBandwidth": 2290,
  "DwellTime": 2.1e-06,
  "PhaseEncodingDirection": "j-",
  "SliceTiming": [
    0,
    0.08,
    0.1625,
    0.2425,
    0.325,
    0.405,
    0.4875,
    0.5675,
    0.65,
    0.73,
    0.8125,
    0.8925,
    0.975,
    1.055,
    1.1375,
    1.2175,
    1.3,
    1.38,
    1.4625,
    1.5425,
    1.625,
    1.705,
    1.7875,
    1.8675,
    1.95,
    2.0325,
    2.1125,
    2.195,
    2.275,
    2.3575,
    2.4375,
    2.52,
    2.6,
    2.6825,
    2.7625,
    2.845,
    2.925,
    3.0075,
    3.0875,
    3.17,
    3.25,
    3.3325,
    3.4125,
    3.495,
    3.575,
    3.6575,
    3.7375,
    3.82,
    3.9,
    3.9825,
    4.0625,
    4.145,
    4.225,
    4.3075,
    4.3875,
    4.47,
    4.55,
    4.6325,
    4.7125,
    4.795,
    4.875,
    4.9575,
    5.0375,
    5.12,
    5.2,
    5.2825,
    5.3625,
    5.445,
    5.525,
    5.6075,
    5.6875,
    5.77
  ],
  "ImageOrientationPatientDICOM": [
    0.999,
    0.0229,
    -0.0395,
    -0.0316,
    0.9713,
    -0.2359
  ],
  "ImageOrientationText": "Tra>Cor(-13.7)>Sag(-1.9)",
  "InPlanePhaseEncodingDirectionDICOM": "COL",
  "ConversionSoftware": "dcm2niix",
  "ConversionSoftwareVersion": "v1.0.20211006",
  "IntendedFor": [
    "func/sub-14_task-movie_run-01_bold.nii.gz"
  ]
}
