{
  "Modality": "MR",
  "MagneticFieldStrength": 3,
  "ImagingFrequency": 123.247,
  "Manufacturer": "Siemens",
  "ManufacturersModelName": "Prisma_fit",
  "InstitutionName": "Washington University",
  "InstitutionalDepartmentName": "Department",
  "InstitutionAddress": "Scott Ave 4525,St. Louis,MO,US,63110",
  "DeviceSerialNumber": "67064",
  "StationName": "MRC35177",
  "BodyPartExamined": "HEAD",
  "PatientPosition": "HFS",
  "ProcedureStepDescription": "head^Zacks",
  "SoftwareVersions": "syngo MR E11",
  "MRAcquisitionType": "2D",
  "SeriesDescription": "fMRI_movie3_AP_MB4",
  "ProtocolName": "fMRI_movie3_AP_MB4",
  "ScanningSequence": "EP",
  "SequenceVariant": "SK\\SS",
  "ScanOptions": "FS\\EXT",
  "SequenceName": "epfid2d1_104",
  "ImageType": [
    "ORIGINAL",
    "PRIMARY",
    "M",
    "MB",
    "ND",
    "MOSAIC"
  ],
  "SeriesNumber": 28,
  "AcquisitionTime": "12:43:7.507500",
  "AcquisitionNumber": 1,
  "ImageComments": "MB4",
  "SliceThickness": 2.08,
  "SpacingBetweenSlices": 2.08,
  "SAR": 0.0371,
  "EchoTime": 0.037,
  "RepetitionTime": 1.483,
  "FlipAngle": 52,
  "PartialFourier": 1,
  "BaseResolution": 104,
  "ShimSetting": [
    -2004,
    -11515,
    5852,
    444,
    -2,
    173,
    -65,
    0
  ],
  "TxRefAmp": 228.236,
  "PhaseResolution": 1,
  "ReceiveCoilName": "HeadNeck_64",
  "ReceiveCoilActiveElements": "HC1-7;NC1,2",
  "PulseSequenceDetails": "%CustomerSeq%\\cmrr_mbep2d_bold",
  "WipMemBlock": "c3a06e7f-aada-41f6-b328-85f62ad97727||Sequence: R016 ve11c/master r/e634e98; Dec 19 2017 11:00:25 by eja",
  "CoilCombinationMethod": "Sum of Squares",
  "ConsistencyInfo": "N4_VE11C_LATEST_20160120",
  "MatrixCoilMode": "SENSE",
  "MultibandAccelerationFactor": 4,
  "PercentPhaseFOV": 100,
  "PercentSampling": 100,
  "EchoTrainLength": 104,
  "PhaseEncodingSteps": 104,
  "AcquisitionMatrixPE": 104,
  "ReconMatrixPE": 104,
  "BandwidthPerPixelPhaseEncode": 17.806,
  "EffectiveEchoSpacing": 0.0005,
  "DerivedVendorReportedEchoSpacing": 0.0005,
  "TotalReadoutTime": 0.0556,
  "PixelBandwidth": 2290,
  "DwellTime": 2.1e-06,
  "PhaseEncodingDirection": "j-",
  "SliceTiming": [
    0,
    1.055,
    0.65,
    0.2425,
    1.3,
    0.8925,
    0.4875,
    0.08,
    1.1375,
    0.73,
    0.325,
    1.38,
    0.975,
    0.5675,
    0.1625,
    1.2175,
    0.8125,
    0.405,
    0,
    1.055,
    0.65,
    0.2425,
    1.3,
    0.8925,
    0.4875,
    0.08,
    1.1375,
    0.73,
    0.325,
    1.38,
    0.975,
    0.5675,
    0.1625,
    1.2175,
    0.8125,
    0.405,
    0,
    1.055,
    0.65,
    0.2425,
    1.3,
    0.8925,
    0.4875,
    0.08,
    1.1375,
    0.73,
    0.325,
    1.38,
    0.975,
    0.5675,
    0.1625,
    1.2175,
    0.8125,
    0.405,
    0,
    1.055,
    0.65,
    0.2425,
    1.3,
    0.8925,
    0.4875,
    0.08,
    1.1375,
    0.73,
    0.325,
    1.38,
    0.975,
    0.5675,
    0.1625,
    1.2175,
    0.8125,
    0.405
  ],
  "ImageOrientationPatientDICOM": [
    0.999,
    0.0229,
    -0.0395,
    -0.0316,
    0.9713,
    -0.2359
  ],
  "ImageOrientationText": "Tra>Cor(-13.7)>Sag(-1.9)",
  "InPlanePhaseEncodingDirectionDICOM": "COL",
  "ConversionSoftware": "dcm2niix",
  "ConversionSoftwareVersion": "v1.0.20211006",
  "TaskName": "movie"
}
