{
  "Modality": "MR",
  "MagneticFieldStrength": 3,
  "ImagingFrequency": 123.255,
  "Manufacturer": "Siemens",
  "ManufacturersModelName": "Prisma_fit",
  "InstitutionName": "Washington University",
  "InstitutionalDepartmentName": "Department",
  "InstitutionAddress": "Scott Ave 4525,St. Louis,MO,US,63110",
  "DeviceSerialNumber": "67064",
  "StationName": "MRC35177",
  "BodyPartExamined": "HEAD",
  "PatientPosition": "HFS",
  "ProcedureStepDescription": "head^Zacks",
  "SoftwareVersions": "syngo MR E11",
  "MRAcquisitionType": "2D",
  "SeriesDescription": "fMRI_movie4_AP_MB4",
  "ProtocolName": "fMRI_movie4_AP_MB4",
  "ScanningSequence": "EP",
  "SequenceVariant": "SK\\SS",
  "ScanOptions": "FS\\EXT",
  "SequenceName": "epfid2d1_104",
  "ImageType": [
    "ORIGINAL",
    "PRIMARY",
    "M",
    "MB",
    "ND",
    "MOSAIC"
  ],
  "SeriesNumber": 33,
  "AcquisitionTime": "10:51:7.585000",
  "AcquisitionNumber": 1,
  "ImageComments": "MB4",
  "SliceThickness": 2.08,
  "SpacingBetweenSlices": 2.08,
  "SAR": 0.0446,
  "EchoTime": 0.037,
  "RepetitionTime": 1.483,
  "FlipAngle": 52,
  "PartialFourier": 1,
  "BaseResolution": 104,
  "ShimSetting": [
    -2290,
    -11731,
    5992,
    603,
    -120,
    90,
    19,
    41
  ],
  "TxRefAmp": 230.365,
  "PhaseResolution": 1,
  "ReceiveCoilName": "HeadNeck_64",
  "ReceiveCoilActiveElements": "HC1-7;NC1,2",
  "PulseSequenceDetails": "%CustomerSeq%\\cmrr_mbep2d_bold",
  "WipMemBlock": "a00cbb02-3d42-4d6f-85ed-065d9bd37083||Sequence: R016 ve11c/master r/e634e98; Dec 19 2017 11:00:25 by eja",
  "CoilCombinationMethod": "Sum of Squares",
  "ConsistencyInfo": "N4_VE11C_LATEST_20160120",
  "MatrixCoilMode": "SENSE",
  "MultibandAccelerationFactor": 4,
  "PercentPhaseFOV": 100,
  "PercentSampling": 100,
  "EchoTrainLength": 104,
  "PhaseEncodingSteps": 104,
  "AcquisitionMatrixPE": 104,
  "ReconMatrixPE": 104,
  "BandwidthPerPixelPhaseEncode": 17.806,
  "EffectiveEchoSpacing": 0.0005,
  "DerivedVendorReportedEchoSpacing": 0.0005,
  "TotalReadoutTime": 0.0556,
  "PixelBandwidth": 2290,
  "DwellTime": 2.1e-06,
  "PhaseEncodingDirection": "j-",
  "SliceTiming": [
    0,
    1.0575,
    0.65,
    0.2425,
    1.3,
    0.895,
    0.4875,
    0.08,
    1.1375,
    0.73,
    0.325,
    1.3825,
    0.975,
    0.5675,
    0.1625,
    1.22,
    0.8125,
    0.405,
    0,
    1.0575,
    0.65,
    0.2425,
    1.3,
    0.895,
    0.4875,
    0.08,
    1.1375,
    0.73,
    0.325,
    1.3825,
    0.975,
    0.5675,
    0.1625,
    1.22,
    0.8125,
    0.405,
    0,
    1.0575,
    0.65,
    0.2425,
    1.3,
    0.895,
    0.4875,
    0.08,
    1.1375,
    0.73,
    0.325,
    1.3825,
    0.975,
    0.5675,
    0.1625,
    1.22,
    0.8125,
    0.405,
    0,
    1.0575,
    0.65,
    0.2425,
    1.3,
    0.895,
    0.4875,
    0.08,
    1.1375,
    0.73,
    0.325,
    1.3825,
    0.975,
    0.5675,
    0.1625,
    1.22,
    0.8125,
    0.405
  ],
  "ImageOrientationPatientDICOM": [
    0.999,
    -0.0011,
    -0.0455,
    -0.0071,
    0.9833,
    -0.1816
  ],
  "ImageOrientationText": "Tra>Cor(-10.5)>Sag(-2.6)",
  "InPlanePhaseEncodingDirectionDICOM": "COL",
  "ConversionSoftware": "dcm2niix",
  "ConversionSoftwareVersion": "v1.0.20211006",
  "TaskName": "movie"
}
