{"Modality": "MR", "MagneticFieldStrength": 3, "ImagingFrequency": 123.255, "Manufacturer": "Siemens", "ManufacturersModelName": "Prisma_fit", "InstitutionName": "Washington University", "InstitutionalDepartmentName": "Department", "InstitutionAddress": "Scott Ave 4525,St. Louis,MO,US,63110", "DeviceSerialNumber": "67064", "StationName": "MRC35177", "BodyPartExamined": "HEAD", "PatientPosition": "HFS", "ProcedureStepDescription": "head^Zacks", "SoftwareVersions": "syngo MR E11", "MRAcquisitionType": "2D", "SeriesDescription": "SpinEchoFieldMap_PA", "ProtocolName": "SpinEchoFieldMap_PA", "ScanningSequence": "EP", "SequenceVariant": "SK", "ScanOptions": "FS", "SequenceName": "epse2d1_104", "ImageType": ["ORIGINAL", "PRIMARY", "M", "ND", "MOSAIC"], "SeriesNumber": 26, "AcquisitionTime": "11:25:15.140000", "AcquisitionNumber": 1, "SliceThickness": 2.08, "SpacingBetweenSlices": 2.08, "SAR": 0.15359, "EchoTime": 0.066, "RepetitionTime": 8, "FlipAngle": 90, "PartialFourier": 1, "BaseResolution": 104, "ShimSetting": [-2264, -11717, 6017, 678, -61, 93, 49, 22], "TxRefAmp": 246.915, "PhaseResolution": 1, "VendorReportedEchoSpacing": 0.00054, "ReceiveCoilName": "HeadNeck_64", "ReceiveCoilActiveElements": "HC1-7;NC1,2", "PulseSequenceDetails": "%CustomerSeq%\\cmrr_mbep2d_se", "WipMemBlock": "c1fd9787-922a-407b-86fc-4243370a34ef||Sequence: R016 ve11c/master r/e634e98; Dec 19 2017 11:22:56 by eja", "CoilCombinationMethod": "Sum of Squares", "ConsistencyInfo": "N4_VE11C_LATEST_20160120", "MatrixCoilMode": "SENSE", "PercentPhaseFOV": 100, "PercentSampling": 100, "EchoTrainLength": 104, "PhaseEncodingSteps": 104, "AcquisitionMatrixPE": 104, "ReconMatrixPE": 104, "BandwidthPerPixelPhaseEncode": 17.806, "EffectiveEchoSpacing": 0.000540008, "DerivedVendorReportedEchoSpacing": 0.000540008, "TotalReadoutTime": 0.0556208, "PixelBandwidth": 2290, "DwellTime": 2.1e-06, "PhaseEncodingDirection": "j", "SliceTiming": [3.99, 0, 4.1025, 0.1125, 4.2125, 0.2225, 4.3225, 0.3325, 4.435, 0.445, 4.545, 0.555, 4.655, 0.665, 4.765, 0.7775, 4.8775, 0.8875, 4.9875, 0.9975, 5.0975, 1.11, 5.21, 1.22, 5.32, 1.33, 5.43, 1.4425, 5.5425, 1.5525, 5.6525, 1.6625, 5.7625, 1.775, 5.875, 1.885, 5.985, 1.995, 6.095, 2.1075, 6.2075, 2.2175, 6.3175, 2.3275, 6.4275, 2.44, 6.54, 2.55, 6.65, 2.66, 6.76, 2.7725, 6.8725, 2.8825, 6.9825, 2.9925, 7.0925, 3.105, 7.205, 3.215, 7.315, 3.325, 7.425, 3.4375, 7.5375, 3.5475, 7.6475, 3.6575, 7.7575, 3.77, 7.87, 3.88], "ImageOrientationPatientDICOM": [0.999734, 0.00826755, -0.021533, -0.0143089, 0.954504, -0.297853], "ImageOrientationText": "Tra>Cor(-17.3)>Sag(-1.0)", "InPlanePhaseEncodingDirectionDICOM": "COL", "ConversionSoftware": "dcm2niix", "ConversionSoftwareVersion": "v1.0.20211006", "IntendedFor": ["func/sub-36_task-movie_run-03_bold.nii.gz"]}