{
  "Modality": "MR",
  "MagneticFieldStrength": 3,
  "ImagingFrequency": 123.255,
  "Manufacturer": "Siemens",
  "ManufacturersModelName": "Prisma_fit",
  "InstitutionName": "Washington University",
  "InstitutionalDepartmentName": "Department",
  "InstitutionAddress": "Scott Ave 4525,St. Louis,MO,US,63110",
  "DeviceSerialNumber": "67064",
  "StationName": "MRC35177",
  "BodyPartExamined": "HEAD",
  "PatientPosition": "HFS",
  "ProcedureStepDescription": "head^Zacks",
  "SoftwareVersions": "syngo MR E11",
  "MRAcquisitionType": "2D",
  "SeriesDescription": "fMRI_movie3_AP_MB4",
  "ProtocolName": "fMRI_movie3_AP_MB4",
  "ScanningSequence": "EP",
  "SequenceVariant": "SK\\SS",
  "ScanOptions": "FS\\EXT",
  "SequenceName": "epfid2d1_104",
  "ImageType": [
    "ORIGINAL",
    "PRIMARY",
    "M",
    "MB",
    "ND",
    "MOSAIC"
  ],
  "SeriesNumber": 31,
  "AcquisitionTime": "13:46:36.712500",
  "AcquisitionNumber": 1,
  "ImageComments": "MB4",
  "SliceThickness": 2.08,
  "SpacingBetweenSlices": 2.08,
  "SAR": 0.0411,
  "EchoTime": 0.037,
  "RepetitionTime": 1.483,
  "FlipAngle": 52,
  "PartialFourier": 1,
  "BaseResolution": 104,
  "ShimSetting": [
    -2252,
    -11676,
    6016,
    777,
    -153,
    153,
    -36,
    -1
  ],
  "TxRefAmp": 217.604,
  "PhaseResolution": 1,
  "ReceiveCoilName": "HeadNeck_64",
  "ReceiveCoilActiveElements": "HC1-7;NC1,2",
  "PulseSequenceDetails": "%CustomerSeq%\\cmrr_mbep2d_bold",
  "WipMemBlock": "7cf8042d-64b4-417e-8382-d2bd9e1f99f2||Sequence: R016 ve11c/master r/e634e98; Dec 19 2017 11:00:25 by eja",
  "CoilCombinationMethod": "Sum of Squares",
  "ConsistencyInfo": "N4_VE11C_LATEST_20160120",
  "MatrixCoilMode": "SENSE",
  "MultibandAccelerationFactor": 4,
  "PercentPhaseFOV": 100,
  "PercentSampling": 100,
  "EchoTrainLength": 104,
  "PhaseEncodingSteps": 104,
  "AcquisitionMatrixPE": 104,
  "ReconMatrixPE": 104,
  "BandwidthPerPixelPhaseEncode": 17.806,
  "EffectiveEchoSpacing": 0.0005,
  "DerivedVendorReportedEchoSpacing": 0.0005,
  "TotalReadoutTime": 0.0556,
  "PixelBandwidth": 2290,
  "DwellTime": 2.1e-06,
  "PhaseEncodingDirection": "j-",
  "SliceTiming": [
    0,
    1.0575,
    0.6525,
    0.245,
    1.3025,
    0.895,
    0.49,
    0.0825,
    1.14,
    0.7325,
    0.3275,
    1.3825,
    0.9775,
    0.57,
    0.165,
    1.22,
    0.815,
    0.4075,
    0,
    1.0575,
    0.6525,
    0.245,
    1.3025,
    0.895,
    0.49,
    0.0825,
    1.14,
    0.7325,
    0.3275,
    1.3825,
    0.9775,
    0.57,
    0.165,
    1.22,
    0.815,
    0.4075,
    0,
    1.0575,
    0.6525,
    0.245,
    1.3025,
    0.895,
    0.49,
    0.0825,
    1.14,
    0.7325,
    0.3275,
    1.3825,
    0.9775,
    0.57,
    0.165,
    1.22,
    0.815,
    0.4075,
    0,
    1.0575,
    0.6525,
    0.245,
    1.3025,
    0.895,
    0.49,
    0.0825,
    1.14,
    0.7325,
    0.3275,
    1.3825,
    0.9775,
    0.57,
    0.165,
    1.22,
    0.815,
    0.4075
  ],
  "ImageOrientationPatientDICOM": [
    0.9983,
    -0.015,
    0.0558,
    0.0319,
    0.9485,
    -0.3152
  ],
  "ImageOrientationText": "Tra>Cor(-18.5)>Sag(2.8)",
  "InPlanePhaseEncodingDirectionDICOM": "COL",
  "ConversionSoftware": "dcm2niix",
  "ConversionSoftwareVersion": "v1.0.20211006",
  "TaskName": "movie"
}
