{"Modality": "MR", "MagneticFieldStrength": 3, "ImagingFrequency": 123.247, "Manufacturer": "Siemens", "ManufacturersModelName": "Prisma_fit", "InstitutionName": "Washington_University", "InstitutionalDepartmentName": "Department", "InstitutionAddress": "Scott_Ave_4525_St._Louis_MO_US_63110", "DeviceSerialNumber": "67064", "StationName": "MRC35177", "BodyPartExamined": "HEAD", "PatientPosition": "HFS", "ProcedureStepDescription": "head_Zacks", "SoftwareVersions": "syngo_MR_E11", "MRAcquisitionType": "2D", "SeriesDescription": "SpinEchoFieldMap_AP", "ProtocolName": "SpinEchoFieldMap_AP", "ScanningSequence": "EP", "SequenceVariant": "SK", "ScanOptions": "FS", "SequenceName": "epse2d1_104", "ImageType": ["ORIGINAL", "PRIMARY", "M", "ND", "MOSAIC"], "SeriesNumber": 21, "AcquisitionTime": "11:40:18.215000", "AcquisitionNumber": 1, "SliceThickness": 2.08, "SpacingBetweenSlices": 2.08, "SAR": 0.141817, "EchoTime": 0.066, "RepetitionTime": 8, "FlipAngle": 90, "PartialFourier": 1, "BaseResolution": 104, "ShimSetting": [-1992, -11524, 5827, 468, 70, -206, -126, -19], "TxRefAmp": 213.344, "PhaseResolution": 1, "VendorReportedEchoSpacing": 0.00054, "ReceiveCoilName": "HeadNeck_64", "ReceiveCoilActiveElements": "HC1-7;NC1,2", "CoilString": "HC1-7;NC1_2", "PulseSequenceDetails": "%CustomerSeq%_cmrr_mbep2d_se", "WipMemBlock": "19a5f6f4-39f7-4da5-ad14-9834ce0b2da0||Sequence: R016 ve11c/master r/e634e98; Dec 19 2017 11:22:56 by eja", "ConsistencyInfo": "N4_VE11C_LATEST_20160120", "PercentPhaseFOV": 100, "PercentSampling": 100, "EchoTrainLength": 104, "PhaseEncodingSteps": 104, "AcquisitionMatrixPE": 104, "ReconMatrixPE": 104, "BandwidthPerPixelPhaseEncode": 17.806, "EffectiveEchoSpacing": 0.000540008, "DerivedVendorReportedEchoSpacing": 0.000540008, "TotalReadoutTime": 0.0556208, "PixelBandwidth": 2290, "DwellTime": 2.1e-06, "PhaseEncodingDirection": "j-", "SliceTiming": [3.9875, 0, 4.1, 0.11, 4.21, 0.22, 4.32, 0.3325, 4.4325, 0.4425, 4.5425, 0.5525, 4.6525, 0.6625, 4.765, 0.775, 4.875, 0.885, 4.985, 0.995, 5.0975, 1.1075, 5.2075, 1.2175, 5.3175, 1.3275, 5.43, 1.44, 5.54, 1.55, 5.65, 1.66, 5.7625, 1.7725, 5.8725, 1.8825, 5.9825, 1.9925, 6.095, 2.105, 6.205, 2.215, 6.315, 2.325, 6.4275, 2.4375, 6.5375, 2.5475, 6.6475, 2.6575, 6.76, 2.77, 6.87, 2.88, 6.98, 2.99, 7.0925, 3.1025, 7.2025, 3.2125, 7.3125, 3.3225, 7.425, 3.435, 7.535, 3.545, 7.645, 3.655, 7.7575, 3.7675, 7.8675, 3.8775], "ImageOrientationPatientDICOM": [0.999428, 0.00983099, 0.0323434, 0.00139545, 0.943964, -0.330045], "InPlanePhaseEncodingDirectionDICOM": "COL", "ConversionSoftware": "dcm2niix", "ConversionSoftwareVersion": "v1.0.20200331", "IntendedFor": ["func/sub-08_task-movie_run-01_bold.nii.gz"]}