{
  "Modality": "MR",
  "MagneticFieldStrength": 3,
  "ImagingFrequency": 123.247,
  "Manufacturer": "Siemens",
  "ManufacturersModelName": "Prisma_fit",
  "InstitutionName": "Washington_University",
  "InstitutionalDepartmentName": "Department",
  "InstitutionAddress": "Scott_Ave_4525_St._Louis_MO_US_63110",
  "DeviceSerialNumber": "67064",
  "StationName": "MRC35177",
  "BodyPartExamined": "HEAD",
  "PatientPosition": "HFS",
  "ProcedureStepDescription": "head_Zacks",
  "SoftwareVersions": "syngo_MR_E11",
  "MRAcquisitionType": "2D",
  "SeriesDescription": "fMRI_movie3_AP_MB4",
  "ProtocolName": "fMRI_movie3_AP_MB4",
  "ScanningSequence": "EP",
  "SequenceVariant": "SK_SS",
  "ScanOptions": "FS_EXT",
  "SequenceName": "epfid2d1_104",
  "ImageType": [
    "ORIGINAL",
    "PRIMARY",
    "M",
    "MB",
    "ND",
    "MOSAIC"
  ],
  "SeriesNumber": 31,
  "AcquisitionTime": "14:02:42.027500",
  "AcquisitionNumber": 1,
  "ImageComments": "MB4",
  "SliceThickness": 2.08,
  "SpacingBetweenSlices": 2.08,
  "SAR": 0.0398,
  "EchoTime": 0.037,
  "RepetitionTime": 1.483,
  "FlipAngle": 52,
  "PartialFourier": 1,
  "BaseResolution": 104,
  "ShimSetting": [
    -1976,
    -11516,
    5868,
    451,
    37,
    -116,
    -53,
    10
  ],
  "TxRefAmp": 232.205,
  "PhaseResolution": 1,
  "ReceiveCoilName": "HeadNeck_64",
  "ReceiveCoilActiveElements": "HC1-7;NC1,2",
  "CoilString": "HC1-7;NC1_2",
  "PulseSequenceDetails": "%CustomerSeq%_cmrr_mbep2d_bold",
  "WipMemBlock": "060b5623-d80c-4fd8-b80f-373a27aec3f8||Sequence: R016 ve11c/master r/e634e98; Dec 19 2017 11:00:25 by eja",
  "ConsistencyInfo": "N4_VE11C_LATEST_20160120",
  "MultibandAccelerationFactor": 4,
  "PercentPhaseFOV": 100,
  "PercentSampling": 100,
  "EchoTrainLength": 104,
  "PhaseEncodingSteps": 104,
  "AcquisitionMatrixPE": 104,
  "ReconMatrixPE": 104,
  "BandwidthPerPixelPhaseEncode": 17.806,
  "EffectiveEchoSpacing": 0.0005,
  "DerivedVendorReportedEchoSpacing": 0.0005,
  "TotalReadoutTime": 0.0556,
  "PixelBandwidth": 2290,
  "DwellTime": 2.1e-06,
  "PhaseEncodingDirection": "j-",
  "SliceTiming": [
    0,
    1.055,
    0.65,
    0.2425,
    1.3,
    0.8925,
    0.4875,
    0.08,
    1.1375,
    0.73,
    0.325,
    1.38,
    0.975,
    0.5675,
    0.1625,
    1.2175,
    0.8125,
    0.405,
    0,
    1.055,
    0.65,
    0.2425,
    1.3,
    0.8925,
    0.4875,
    0.08,
    1.1375,
    0.73,
    0.325,
    1.38,
    0.975,
    0.5675,
    0.1625,
    1.2175,
    0.8125,
    0.405,
    0,
    1.055,
    0.65,
    0.2425,
    1.3,
    0.8925,
    0.4875,
    0.08,
    1.1375,
    0.73,
    0.325,
    1.38,
    0.975,
    0.5675,
    0.1625,
    1.2175,
    0.8125,
    0.405,
    0,
    1.055,
    0.65,
    0.2425,
    1.3,
    0.8925,
    0.4875,
    0.08,
    1.1375,
    0.73,
    0.325,
    1.38,
    0.975,
    0.5675,
    0.1625,
    1.2175,
    0.8125,
    0.405
  ],
  "ImageOrientationPatientDICOM": [
    0.9995,
    -0.0276,
    -0.0148,
    0.0227,
    0.9635,
    -0.2667
  ],
  "InPlanePhaseEncodingDirectionDICOM": "COL",
  "ConversionSoftware": "dcm2niix",
  "ConversionSoftwareVersion": "v1.0.20200331",
  "TaskName": "movie"
}
